PATH
  remote: .
  specs:
    ruby_ableton_link (0.1.0)

GEM
  remote: https://rubygems.org/
  specs:
    minitest (5.11.3)
    rake (13.0.1)
    rake-compiler (1.0.4)
      rake

PLATFORMS
  ruby

DEPENDENCIES
  bundler (~> 2.0)
  minitest (~> 5.0)
  rake (~> 13.0)
  rake-compiler
  ruby_ableton_link!

BUNDLED WITH
   2.16.0
